GEM
  remote: http://rubygems.org/
  specs:
    abstract (1.0.0)
    actionmailer (3.0.7.rc1)
      actionpack (= 3.0.7.rc1)
      mail (~> 2.2.15)
    actionpack (3.0.7.rc1)
      activemodel (= 3.0.7.rc1)
      activesupport (= 3.0.7.rc1)
      builder (~> 2.1.2)
      erubis (~> 2.6.6)
      i18n (~> 0.5.0)
      rack (~> 1.2.1)
      rack-mount (~> 0.6.14)
      rack-test (~> 0.5.7)
      tzinfo (~> 0.3.23)
    activemodel (3.0.7.rc1)
      activesupport (= 3.0.7.rc1)
      builder (~> 2.1.2)
      i18n (~> 0.5.0)
    activerecord (3.0.7.rc1)
      activemodel (= 3.0.7.rc1)
      activesupport (= 3.0.7.rc1)
      arel (~> 2.0.2)
      tzinfo (~> 0.3.23)
    activeresource (3.0.7.rc1)
      activemodel (= 3.0.7.rc1)
      activesupport (= 3.0.7.rc1)
    activesupport (3.0.7.rc1)
    acts_as_commentable (3.0.1)
    arel (2.0.9)
    bcrypt-ruby (2.1.4)
    builder (2.1.2)
    cancan (1.6.5)
    capistrano (2.6.0)
      highline
      net-scp (>= 1.0.0)
      net-sftp (>= 2.0.0)
      net-ssh (>= 2.0.14)
      net-ssh-gateway (>= 1.1.0)
    daemon_controller (0.2.6)
    daemons (1.1.4)
    devise (1.3.4)
      bcrypt-ruby (~> 2.1.2)
      orm_adapter (~> 0.0.3)
      warden (~> 1.0.3)
    erubis (2.6.6)
      abstract (>= 1.0.0)
    eventmachine (0.12.10)
    fastthread (1.0.7)
    highline (1.6.2)
    i18n (0.5.0)
    mail (2.2.19)
      activesupport (>= 2.3.6)
      i18n (>= 0.4.0)
      mime-types (~> 1.16)
      treetop (~> 1.4.8)
    mime-types (1.16)
    net-scp (1.0.4)
      net-ssh (>= 1.99.1)
    net-sftp (2.0.5)
      net-ssh (>= 2.0.9)
    net-ssh (2.1.4)
    net-ssh-gateway (1.1.0)
      net-ssh (>= 1.99.1)
    orm_adapter (0.0.5)
    passenger (3.0.7)
      daemon_controller (>= 0.2.5)
      fastthread (>= 1.0.1)
      rack
      rake (>= 0.8.1)
    polyglot (0.3.1)
    rack (1.2.2)
    rack-mount (0.6.14)
      rack (>= 1.0.0)
    rack-test (0.5.7)
      rack (>= 1.0)
    rails (3.0.7.rc1)
      actionmailer (= 3.0.7.rc1)
      actionpack (= 3.0.7.rc1)
      activerecord (= 3.0.7.rc1)
      activeresource (= 3.0.7.rc1)
      activesupport (= 3.0.7.rc1)
      bundler (~> 1.0)
      railties (= 3.0.7.rc1)
    railsmachine (1.0.6)
      capistrano (>= 2.1.0)
    railties (3.0.7.rc1)
      actionpack (= 3.0.7.rc1)
      activesupport (= 3.0.7.rc1)
      rake (>= 0.8.7)
      thor (~> 0.14.4)
    rake (0.8.7)
    simple_form (1.4.0)
    sqlite3 (1.3.3)
    thin (1.2.11)
      daemons (>= 1.0.9)
      eventmachine (>= 0.12.6)
      rack (>= 1.0.0)
    thor (0.14.6)
    treetop (1.4.9)
      polyglot (>= 0.3.1)
    tzinfo (0.3.27)
    warden (1.0.4)
      rack (>= 1.0)
    will_paginate (3.0.pre2)

PLATFORMS
  ruby

DEPENDENCIES
  acts_as_commentable
  bcrypt-ruby
  cancan
  capistrano
  devise
  passenger
  rails (= 3.0.7.rc1)
  railsmachine
  simple_form
  sqlite3
  thin
  will_paginate (~> 3.0.pre2)
